PATH
  remote: .
  specs:
    em-cometio-client (0.0.1)
      em-http-request
      event_emitter (>= 0.2.0)
      eventmachine
      json

GEM
  remote: https://rubygems.org/
  specs:
    addressable (2.3.3)
    cookiejar (0.3.0)
    em-http-request (1.0.3)
      addressable (>= 2.2.3)
      cookiejar
      em-socksify
      eventmachine (>= 1.0.0.beta.4)
      http_parser.rb (>= 0.5.3)
    em-socksify (0.2.1)
      eventmachine (>= 1.0.0.beta.4)
    event_emitter (0.2.2)
    eventmachine (1.0.1)
    http_parser.rb (0.5.3)
    json (1.7.7)

PLATFORMS
  ruby

DEPENDENCIES
  em-cometio-client!
